GEM
  remote: https://rubygems.org/
  specs:
    dalli (2.7.4)
    httpclient (2.6.0.1)
    multi_json (1.11.1)
    pusher (0.14.5)
      httpclient (~> 2.5)
      multi_json (~> 1.0)
      signature (~> 0.1.8)
    rack (1.6.2)
    rack-protection (1.5.3)
      rack
    signature (0.1.8)
    sinatra (1.4.6)
      rack (~> 1.4)
      rack-protection (~> 1.4)
      tilt (>= 1.3, < 3)
    tilt (2.0.1)

PLATFORMS
  ruby

DEPENDENCIES
  dalli
  pusher
  sinatra
