GEM
  remote: https://rubygems.org/
  specs:
    dalli (2.7.8)
    httpclient (2.8.3)
    multi_json (1.13.1)
    mustermann (1.0.2)
    pusher (1.3.1)
      httpclient (~> 2.7)
      multi_json (~> 1.0)
      pusher-signature (~> 0.1.8)
    pusher-signature (0.1.8)
    rack (2.0.5)
    rack-protection (2.0.1)
      rack
    sinatra (2.0.1)
      mustermann (~> 1.0)
      rack (~> 2.0)
      rack-protection (= 2.0.1)
      tilt (~> 2.0)
    tilt (2.0.8)

PLATFORMS
  ruby

DEPENDENCIES
  dalli
  pusher
  sinatra

BUNDLED WITH
   1.16.2
