GEM
  remote: https://rubygems.org/
  specs:
    dalli (2.6.2)
    multi_json (1.7.3)
    pusher (0.11.3)
      multi_json (~> 1.0)
      signature (~> 0.1.6)
    rack (1.5.2)
    signature (0.1.7)
    sinatra (1.0)
      rack (>= 1.0)

PLATFORMS
  ruby

DEPENDENCIES
  dalli
  pusher
  sinatra (~> 1.0.0)
